GEM
  remote: https://rubygems.org/
  specs:
    byebug (9.0.5)
    colorize (0.8.1)

PLATFORMS
  ruby

DEPENDENCIES
  byebug
  colorize

BUNDLED WITH
   1.12.5
